GEM
  remote: https://rubygems.org/
  specs:
    actionmailer (4.1.6)
      actionpack (= 4.1.6)
      actionview (= 4.1.6)
      mail (~> 2.5, >= 2.5.4)
    actionpack (4.1.6)
      actionview (= 4.1.6)
      activesupport (= 4.1.6)
      rack (~> 1.5.2)
      rack-test (~> 0.6.2)
    actionview (4.1.6)
      activesupport (= 4.1.6)
      builder (~> 3.1)
      erubis (~> 2.7.0)
    active_link_to (1.0.2)
      actionpack
    activemodel (4.1.6)
      activesupport (= 4.1.6)
      builder (~> 3.1)
    activerecord (4.1.6)
      activemodel (= 4.1.6)
      activesupport (= 4.1.6)
      arel (~> 5.0.0)
    activesupport (4.1.6)
      i18n (~> 0.6, >= 0.6.9)
      json (~> 1.7, >= 1.7.7)
      minitest (~> 5.1)
      thread_safe (~> 0.1)
      tzinfo (~> 1.1)
    addressable (2.3.6)
    airbrake (4.0.0)
      builder
      multi_json
    arel (5.0.1.20140414130214)
    aws-sdk (1.49.0)
      json (~> 1.4)
      nokogiri (>= 1.4.4)
    bootstrap-sass (3.1.1.1)
      sass (~> 3.2)
    bootstrap_form (2.1.1)
    builder (3.2.2)
    capybara (2.4.1)
      mime-types (>= 1.16)
      nokogiri (>= 1.3.3)
      rack (>= 1.0.0)
      rack-test (>= 0.5.4)
      xpath (~> 2.0)
    climate_control (0.0.3)
      activesupport (>= 3.0)
    cocaine (0.5.4)
      climate_control (>= 0.0.3, < 1.0)
    codemirror-rails (4.5)
      railties (>= 3.0, < 5)
    coffee-rails (4.0.1)
      coffee-script (>= 2.2.0)
      railties (>= 4.0.0, < 5.0)
    coffee-script (2.3.0)
      coffee-script-source
      execjs
    coffee-script-source (1.8.0)
    comfortable_mexican_sofa (1.12.1)
      active_link_to (>= 1.0.0)
      bootstrap-sass (~> 3.1.0)
      bootstrap_form (~> 2.1.1)
      codemirror-rails (>= 3.0.0)
      coffee-rails (>= 3.1.0)
      haml-rails (>= 0.3.0)
      jquery-rails (>= 3.0.0)
      jquery-ui-rails (>= 4.0.0)
      kaminari (>= 0.14.0)
      kramdown (>= 1.0.0)
      paperclip (>= 4.0.0)
      rails (>= 4.0.0)
      rails-i18n (~> 4.0.0)
      sass-rails (>= 4.0.3)
      tinymce-rails (>= 4.0.0)
    commonjs (0.2.7)
    daemons (1.1.9)
    diff-lcs (1.2.5)
    docile (1.1.5)
    erubis (2.7.0)
    eventmachine (1.0.3)
    execjs (2.2.1)
    factory_girl (4.4.0)
      activesupport (>= 3.0.0)
    factory_girl_rails (4.4.1)
      factory_girl (~> 4.4.0)
      railties (>= 3.0.0)
    fancybox2-rails (0.2.8)
      railties (>= 3.1.0, < 5.0)
    figaro (0.7.0)
      bundler (~> 1.0)
      rails (>= 3, < 5)
    fullcalendar-rails (1.6.4.0)
    haml (4.0.5)
      tilt
    haml-rails (0.5.3)
      actionpack (>= 4.0.1)
      activesupport (>= 4.0.1)
      haml (>= 3.1, < 5.0)
      railties (>= 4.0.1)
    hike (1.2.3)
    i18n (0.6.11)
    jquery-rails (3.1.2)
      railties (>= 3.0, < 5.0)
      thor (>= 0.14, < 2.0)
    jquery-ui-rails (4.2.1)
      railties (>= 3.2.16)
    json (1.8.1)
    kaminari (0.16.1)
      actionpack (>= 3.0.0)
      activesupport (>= 3.0.0)
    kramdown (1.4.2)
    launchy (2.4.2)
      addressable (~> 2.3)
    less (2.5.1)
      commonjs (~> 0.2.7)
    less-rails (2.5.0)
      actionpack (>= 3.1)
      less (~> 2.5.0)
    less-rails-bootstrap (3.2.0)
      less-rails (~> 2.5.0)
    letter_opener (1.2.0)
      launchy (~> 2.2)
    libv8 (3.16.14.3)
    mail (2.6.1)
      mime-types (>= 1.16, < 3)
    mime-types (2.3)
    mini_portile (0.6.0)
    minitest (5.4.1)
    multi_json (1.10.1)
    nokogiri (1.6.3.1)
      mini_portile (= 0.6.0)
    paperclip (4.2.0)
      activemodel (>= 3.0.0)
      activesupport (>= 3.0.0)
      cocaine (~> 0.5.3)
      mime-types
    pg (0.17.1)
    rack (1.5.2)
    rack-test (0.6.2)
      rack (>= 1.0)
    rails (4.1.6)
      actionmailer (= 4.1.6)
      actionpack (= 4.1.6)
      actionview (= 4.1.6)
      activemodel (= 4.1.6)
      activerecord (= 4.1.6)
      activesupport (= 4.1.6)
      bundler (>= 1.3.0, < 2.0)
      railties (= 4.1.6)
      sprockets-rails (~> 2.0)
    rails-i18n (4.0.3)
      i18n (~> 0.6)
      railties (~> 4.0)
    rails_12factor (0.0.2)
      rails_serve_static_assets
      rails_stdout_logging
    rails_serve_static_assets (0.0.2)
    rails_stdout_logging (0.0.3)
    railties (4.1.6)
      actionpack (= 4.1.6)
      activesupport (= 4.1.6)
      rake (>= 0.8.7)
      thor (>= 0.18.1, < 2.0)
    rake (10.3.2)
    ref (1.0.5)
    rspec-core (3.0.3)
      rspec-support (~> 3.0.0)
    rspec-expectations (3.0.3)
      diff-lcs (>= 1.2.0, < 2.0)
      rspec-support (~> 3.0.0)
    rspec-mocks (3.0.3)
      rspec-support (~> 3.0.0)
    rspec-rails (3.0.2)
      actionpack (>= 3.0)
      activesupport (>= 3.0)
      railties (>= 3.0)
      rspec-core (~> 3.0.0)
      rspec-expectations (~> 3.0.0)
      rspec-mocks (~> 3.0.0)
      rspec-support (~> 3.0.0)
    rspec-support (3.0.3)
    sass (3.2.19)
    sass-rails (4.0.3)
      railties (>= 4.0.0, < 5.0)
      sass (~> 3.2.0)
      sprockets (~> 2.8, <= 2.11.0)
      sprockets-rails (~> 2.0)
    shoulda-matchers (2.6.2)
      activesupport (>= 3.0.0)
    simplecov (0.9.0)
      docile (~> 1.1.0)
      multi_json
      simplecov-html (~> 0.8.0)
    simplecov-html (0.8.0)
    sprockets (2.11.0)
      hike (~> 1.2)
      multi_json (~> 1.0)
      rack (~> 1.0)
      tilt (~> 1.1, != 1.3.0)
    sprockets-rails (2.1.4)
      actionpack (>= 3.0)
      activesupport (>= 3.0)
      sprockets (~> 2.8)
    therubyracer (0.12.1)
      libv8 (~> 3.16.14.0)
      ref
    thin (1.6.2)
      daemons (>= 1.0.9)
      eventmachine (>= 1.0.0)
      rack (>= 1.0.0)
    thor (0.19.1)
    thread_safe (0.3.4)
    tilt (1.4.1)
    tinymce-rails (4.1.5)
      railties (>= 3.1.1)
    tzinfo (1.2.2)
      thread_safe (~> 0.1)
    uglifier (2.5.3)
      execjs (>= 0.3.0)
      json (>= 1.8.0)
    valid_email (0.0.5)
      activemodel
      mail
    xpath (2.0.0)
      nokogiri (~> 1.3)

PLATFORMS
  ruby

DEPENDENCIES
  airbrake
  aws-sdk
  bootstrap_form
  capybara
  comfortable_mexican_sofa (~> 1.12)
  factory_girl_rails (~> 4.4)
  fancybox2-rails
  figaro
  fullcalendar-rails
  haml-rails
  jquery-rails
  jquery-ui-rails (~> 4.2)
  less-rails
  less-rails-bootstrap
  letter_opener
  paperclip
  pg
  rails (= 4.1.6)
  rails_12factor
  rspec-rails (~> 3.0)
  shoulda-matchers
  simplecov
  therubyracer
  thin
  uglifier (>= 1.3.0)
  valid_email
